GEM
  remote: https://rubygems.org/
  specs:
    foreman (0.62.0)
      thor (>= 0.13.6)
    pebbles-soreyuke (0.1.1)
    puma (1.6.3)
      rack (~> 1.2)
    rack (1.5.2)
    rack-protection (1.5.0)
      rack
    sinatra (1.4.0.d)
      rack (~> 1.5, >= 1.5.2)
      rack-protection (~> 1.4)
      tilt (~> 1.3, >= 1.3.4)
    slim (1.3.6)
      temple (~> 0.5.5)
      tilt (~> 1.3.3)
    temple (0.5.5)
    thor (0.17.0)
    tilt (1.3.5)

PLATFORMS
  ruby

DEPENDENCIES
  foreman
  pebbles-soreyuke
  puma
  sinatra (= 1.4.0.d)
  slim
